GEM
  remote: http://rubygems.org/
  specs:
    dalli (1.1.3)
    haml (3.1.4)
    logger (1.2.8)
    maruku (0.6.0)
      syntax (>= 1.0.0)
    rack (1.3.5)
    rack-protection (1.1.4)
      rack
    sinatra (1.3.1)
      rack (~> 1.3, >= 1.3.4)
      rack-protection (~> 1.1, >= 1.1.2)
      tilt (~> 1.3, >= 1.3.3)
    syntax (1.0.0)
    tilt (1.3.3)

PLATFORMS
  ruby

DEPENDENCIES
  dalli
  haml
  logger
  maruku
  sinatra
